GIT
  remote: git@github.com:naiyt/shell-sim.git
  revision: eceea635043b122309b427cd0419ee2880a15327
  specs:
    shell_sim (0.0.1)
      colorize
      highline

GEM
  remote: https://rubygems.org/
  specs:
    colorize (0.7.7)
    highline (1.7.6)

PLATFORMS
  ruby

DEPENDENCIES
  shell_sim!
