GIT
  remote: git@github.com:naiyt/shell-sim.git
  revision: 5c040c30ed1a57d2821b52d9dc2f9122569fceb8
  specs:
    shell_sim (0.0.1)
      colorize
      highline

GEM
  remote: https://rubygems.org/
  specs:
    colorize (0.7.7)
    highline (1.7.7)

PLATFORMS
  ruby

DEPENDENCIES
  shell_sim!
