GIT
  remote: git@github.com:naiyt/shell-sim.git
  revision: 78074183fef5859afa79fbd108b86343205a5b77
  specs:
    shell_sim (0.0.1)
      colorize
      highline

GEM
  remote: https://rubygems.org/
  specs:
    coderay (1.1.0)
    colorize (0.7.7)
    highline (1.7.7)
    method_source (0.8.2)
    pry (0.10.1)
      coderay (~> 1.1.0)
      method_source (~> 0.8.1)
      slop (~> 3.4)
    slop (3.6.0)

PLATFORMS
  ruby

DEPENDENCIES
  pry
  shell_sim!

BUNDLED WITH
   1.10.6
