GIT
  remote: git@github.com:naiyt/shell-sim.git
  revision: 7e0b71a23528f5bdf89ee8d110abc0beec470e85
  specs:
    shell-sim (0.0.1)
      colorize
      highline

GEM
  remote: https://rubygems.org/
  specs:
    colorize (0.7.7)
    highline (1.7.6)

PLATFORMS
  ruby

DEPENDENCIES
  shell-sim!
