GIT
  remote: git@github.com:naiyt/shell-sim.git
  revision: 16b358abc8a08f2265f540d830b6a0ddcdaa9dc6
  specs:
    shell_sim (0.0.1)
      colorize
      highline

GEM
  remote: https://rubygems.org/
  specs:
    colorize (0.7.7)
    highline (1.7.6)

PLATFORMS
  ruby

DEPENDENCIES
  shell_sim!
